GEM
  remote: https://rubygems.org/
  specs:
    addressable (2.3.8)
    asciidoctor (1.5.2)
    autoprefixer-rails (5.1.11)
      execjs
      json
    builder (3.2.2)
    capybara (2.6.0)
      addressable
      mime-types (>= 1.16)
      nokogiri (>= 1.3.3)
      rack (>= 1.0.0)
      rack-test (>= 0.5.4)
      xpath (~> 2.0)
    chronic (0.10.2)
    coffee-script (2.4.1)
      coffee-script-source
      execjs
    coffee-script-source (1.10.0)
    cucumber (2.3.0)
      builder (>= 2.1.2)
      cucumber-core (~> 1.4.0)
      cucumber-wire (~> 0.0.1)
      diff-lcs (>= 1.1.3)
      event-bus (~> 0.1.0)
      gherkin (~> 3.2.0)
      multi_json (>= 1.7.5, < 2.0)
      multi_test (>= 0.1.2)
    cucumber-core (1.4.0)
      gherkin (~> 3.2.0)
    cucumber-wire (0.0.1)
    diff-lcs (1.2.5)
    event-bus (0.1.0)
    execjs (2.6.0)
    faraday (0.9.2)
      multipart-post (>= 1.2, < 3)
    foreman (0.78.0)
      thor (~> 0.19.1)
    gherkin (3.2.0)
    git-version-bump (0.15.1)
    hike (1.2.3)
    htmlentities (4.3.3)
    icalendar (2.3.0)
    json (1.8.3)
    launchy (2.4.3)
      addressable (~> 2.3)
    liquid (3.0.6)
    mime-types (3.0)
      mime-types-data (~> 3.2015)
    mime-types-data (3.2015.1120)
    mini_portile (0.6.2)
    multi_json (1.11.2)
    multi_test (0.1.2)
    multipart-post (2.0.0)
    newrelic_rpm (3.14.1.311)
    nokogiri (1.6.6.2)
      mini_portile (~> 0.6.0)
    octokit (4.2.0)
      sawyer (~> 0.6.0, >= 0.5.3)
    posix-spawn (0.3.11)
    puma (2.15.3)
    pygments.rb (0.6.3)
      posix-spawn (~> 0.3.6)
      yajl-ruby (~> 1.2.0)
    rack (1.6.4)
    rack-contrib (1.4.0)
      git-version-bump (~> 0.15)
      rack (~> 1.4)
    rack-protection (1.5.3)
      rack
    rack-proxy (0.5.17)
      rack
    rack-reverse-proxy (0.9.1)
      rack (>= 1.0.0)
      rack-proxy (~> 0.5)
    rack-rewrite (1.5.1)
    rack-test (0.6.3)
      rack (>= 1.0)
    rake (10.5.0)
    redcarpet (3.3.2)
    rollbar (2.7.1)
      multi_json
    rspec (3.4.0)
      rspec-core (~> 3.4.0)
      rspec-expectations (~> 3.4.0)
      rspec-mocks (~> 3.4.0)
    rspec-core (3.4.1)
      rspec-support (~> 3.4.0)
    rspec-expectations (3.4.0)
      diff-lcs (>= 1.2.0, < 2.0)
      rspec-support (~> 3.4.0)
    rspec-mocks (3.4.1)
      diff-lcs (>= 1.2.0, < 2.0)
      rspec-support (~> 3.4.0)
    rspec-support (3.4.1)
    sass (3.4.21)
    sawyer (0.6.0)
      addressable (~> 2.3.5)
      faraday (~> 0.8, < 0.10)
    sinatra (1.4.6)
      rack (~> 1.4)
      rack-protection (~> 1.4)
      tilt (>= 1.3, < 3)
    sinatra-asset-pipeline (0.7.0)
      coffee-script (~> 2.3)
      rake (~> 10.0)
      sass (~> 3.1)
      sinatra (~> 1.4)
      sprockets (~> 2.12)
      sprockets-helpers (~> 1.1)
      sprockets-sass (~> 1.2)
    slim (3.0.2)
      temple (~> 0.7.3)
      tilt (>= 1.3.3, < 2.1)
    sprockets (2.12.4)
      hike (~> 1.2)
      multi_json (~> 1.0)
      rack (~> 1.0)
      tilt (~> 1.1, != 1.3.0)
    sprockets-helpers (1.2.1)
      sprockets (>= 2.2)
    sprockets-sass (1.3.1)
      sprockets (~> 2.0)
      tilt (~> 1.1)
    temple (0.7.6)
    thor (0.19.1)
    tilt (1.4.1)
    uglifier (2.7.1)
      execjs (>= 0.3.0)
      json (>= 1.8.0)
    values (1.8.0)
    xpath (2.0.0)
      nokogiri (~> 1.3)
    yajl-ruby (1.2.1)

PLATFORMS
  ruby

DEPENDENCIES
  asciidoctor (= 1.5.2)
  autoprefixer-rails (= 5.1.11)
  capybara
  chronic
  cucumber
  foreman
  htmlentities (= 4.3.3)
  icalendar
  launchy
  liquid (= 3.0.6)
  newrelic_rpm
  nokogiri (= 1.6.6.2)
  octokit (~> 4.0)
  puma
  pygments.rb (= 0.6.3)
  rack-contrib
  rack-reverse-proxy
  rack-rewrite
  rake
  redcarpet (= 3.3.2)
  rollbar
  rspec
  sinatra (= 1.4.6)
  sinatra-asset-pipeline (= 0.7.0)
  slim (= 3.0.2)
  uglifier (= 2.7.1)
  values

BUNDLED WITH
   1.11.2
