GIT
  remote: https://github.com/rtomayko/tilt.git
  revision: c9d68cc0aeb5075a998a0086516e0919d38c914e
  specs:
    tilt (2.0.1)

GIT
  remote: https://github.com/sinatra/sinatra.git
  revision: 4e92d604be5269b1d6527a6093f112d10b5b9d7f
  specs:
    sinatra (1.4.5)
      rack (~> 1.4)
      rack-protection (~> 1.4)
      tilt (>= 1.3, < 3)

GEM
  remote: https://rubygems.org/
  specs:
    posix-spawn (0.3.9)
    pygments.rb (0.6.0)
      posix-spawn (~> 0.3.6)
      yajl-ruby (~> 1.1.0)
    rack (1.5.2)
    rack-protection (1.5.3)
      rack
    redcarpet (3.1.2)
    slim (2.1.0)
      temple (~> 0.6.9)
      tilt (>= 1.3.3, < 2.1)
    temple (0.6.9)
    yajl-ruby (1.1.0)

PLATFORMS
  ruby

DEPENDENCIES
  pygments.rb
  redcarpet
  sinatra!
  slim
  tilt!
